GIT
  remote: https://github.com/Shopify/memcached.git
  revision: 30f5735d5db2dfd50dd885ceeb51672320b356d3
  branch: 1-0-stable-shopify
  specs:
    memcached (1.9.0)

PATH
  remote: .
  specs:
    identity_cache (1.6.3)
      activerecord (>= 7.0)
      ar_transaction_changes (~> 1.1)

GEM
  remote: https://rubygems.org/
  specs:
    activemodel (8.0.2)
      activesupport (= 8.0.2)
    activerecord (8.0.2)
      activemodel (= 8.0.2)
      activesupport (= 8.0.2)
      timeout (>= 0.4.0)
    activesupport (8.0.2)
      base64
      benchmark (>= 0.3)
      bigdecimal
      concurrent-ruby (~> 1.0, >= 1.3.1)
      connection_pool (>= 2.2.5)
      drb
      i18n (>= 1.6, < 2)
      logger (>= 1.4.2)
      minitest (>= 5.1)
      securerandom (>= 0.3)
      tzinfo (~> 2.0, >= 2.0.5)
      uri (>= 0.13.1)
    ar_transaction_changes (1.1.9)
      activerecord (>= 5.2.0)
    ast (2.4.3)
    base64 (0.3.0)
    benchmark (0.4.1)
    bigdecimal (3.2.2)
    byebug (12.0.0)
    cityhash (0.6.0)
    concurrent-ruby (1.3.5)
    connection_pool (2.5.3)
    dalli (3.2.8)
    drb (2.2.3)
    i18n (1.14.7)
      concurrent-ruby (~> 1.0)
    json (2.13.1)
    language_server-protocol (3.17.0.5)
    logger (1.7.0)
    memcached_store (2.3.4)
      activesupport (>= 6)
      memcached (~> 1.8)
    minitest (5.25.5)
    mocha (2.7.1)
      ruby2_keywords (>= 0.0.5)
    mysql2 (0.5.6)
    parallel (1.27.0)
    parser (3.3.9.0)
      ast (~> 2.4.1)
      racc
    pg (1.5.9)
    prism (1.4.0)
    racc (1.8.1)
    rainbow (3.1.1)
    rake (13.3.0)
    regexp_parser (2.10.0)
    rexml (3.4.1)
    rubocop (1.61.0)
      json (~> 2.3)
      language_server-protocol (>= 3.17.0)
      parallel (~> 1.10)
      parser (>= 3.3.0.2)
      rainbow (>= 2.2.2, < 4.0)
      regexp_parser (>= 1.8, < 3.0)
      rexml (>= 3.2.5, < 4.0)
      rubocop-ast (>= 1.30.0, < 2.0)
      ruby-progressbar (~> 1.7)
      unicode-display_width (>= 2.4.0, < 3.0)
    rubocop-ast (1.46.0)
      parser (>= 3.3.7.2)
      prism (~> 1.4)
    rubocop-shopify (2.9.0)
      rubocop (~> 1.33)
    ruby-progressbar (1.13.0)
    ruby2_keywords (0.0.5)
    securerandom (0.4.1)
    spy (1.0.5)
    stackprof (0.2.27)
    timeout (0.4.3)
    tzinfo (2.0.6)
      concurrent-ruby (~> 1.0)
    unicode-display_width (2.6.0)
    uri (1.0.3)

PLATFORMS
  arm64-darwin-22
  arm64-darwin-23
  arm64-darwin-24
  x64-mingw-ucrt
  x86_64-linux

DEPENDENCIES
  byebug
  cityhash (~> 0.6.0)
  dalli (~> 3.2.3)
  identity_cache!
  memcached!
  memcached_store (~> 2.3.2)
  minitest (~> 5.14)
  mocha (~> 2.0)
  mysql2 (~> 0.5.3)
  pg (>= 0.18, < 2.0)
  rake (~> 13.0)
  rubocop (~> 1.61.0)
  rubocop-shopify (~> 2.9.0)
  spy (~> 1.0)
  stackprof

BUNDLED WITH
   2.4.22
